GEM
  remote: http://dev:dev@gems.staging.hesapps.com/
  remote: http://gems.github.com/
  remote: http://rubygems.org/
  specs:
    actionmailer (3.2.22.2)
      actionpack (= 3.2.22.2)
      mail (~> 2.5.4)
    actionpack (3.2.22.2)
      activemodel (= 3.2.22.2)
      activesupport (= 3.2.22.2)
      builder (~> 3.0.0)
      erubis (~> 2.7.0)
      journey (~> 1.0.4)
      rack (~> 1.4.5)
      rack-cache (~> 1.2)
      rack-test (~> 0.6.1)
      sprockets (~> 2.2.1)
    activemodel (3.2.22.2)
      activesupport (= 3.2.22.2)
      builder (~> 3.0.0)
    activerecord (3.2.22.2)
      activemodel (= 3.2.22.2)
      activesupport (= 3.2.22.2)
      arel (~> 3.0.2)
      tzinfo (~> 0.3.29)
    activeresource (3.2.22.2)
      activemodel (= 3.2.22.2)
      activesupport (= 3.2.22.2)
    activesupport (3.2.22.2)
      i18n (~> 0.6, >= 0.6.4)
      multi_json (~> 1.0)
    addressable (2.3.6)
    arel (3.0.3)
    bcrypt-ruby (3.0.1)
    benchmark-ips (2.6.1)
    bluecloth (2.2.0)
    builder (3.0.4)
    carrierwave (0.8.0)
      activemodel (>= 3.2.0)
      activesupport (>= 3.2.0)
    dalli (2.7.6)
    derailed_benchmarks (1.3.1)
      benchmark-ips (~> 2)
      get_process_mem (~> 0)
      heapy (~> 0)
      memory_profiler (~> 0)
      rack (>= 1)
      rake (> 10, < 12)
      thor (~> 0.19)
    erubis (2.7.0)
    exception_notification (3.0.1)
      actionmailer (>= 3.0.4)
    fastercsv (1.5.5)
    get_process_mem (0.2.1)
    heapy (0.1.2)
    hes-authorization (2.0.5)
      rails (~> 3)
    hes-fitbit (2.0.5)
      hes-fitgem (= 2.0.5)
    hes-fitgem (2.0.5)
      addressable (= 2.3.6)
      oauth2-client
    hes-jawbone (1.0.8)
      hes-jawbone-api (= 0.4.3)
      mime-types (~> 1.25.0)
      rest-client (= 1.6.7)
    hes-jawbone-api (0.4.3)
      httparty (= 0.11.0)
    hes-resque-multi-job-forks (0.4.3)
      json
      resque (~> 1.22)
    hike (1.2.3)
    htmlentities (4.3.0)
    httparty (0.11.0)
      multi_json (~> 1.0)
      multi_xml (>= 0.5.2)
    i18n (0.6.11)
    journey (1.0.4)
    json (1.8.3)
    mail (2.5.4)
      mime-types (~> 1.16)
      treetop (~> 1.4.8)
    memcache-client (1.8.5)
    memory_profiler (0.9.6)
    mime-types (1.25.1)
    mono_logger (1.1.0)
    multi_json (1.12.1)
    multi_xml (0.5.5)
    mysql2 (0.3.16)
    newrelic_rpm (3.15.2.317)
    oauth2-client (2.0.0)
      addressable (~> 2.3)
      bcrypt-ruby (~> 3.0)
    oj (2.16.1)
    polyglot (0.3.5)
    power_assert (0.3.0)
    rack (1.4.7)
    rack-cache (1.6.1)
      rack (>= 0.4)
    rack-cors (0.4.0)
    rack-protection (1.5.3)
      rack
    rack-ssl (1.3.4)
      rack
    rack-test (0.6.3)
      rack (>= 1.0)
    rails (3.2.22.2)
      actionmailer (= 3.2.22.2)
      actionpack (= 3.2.22.2)
      activerecord (= 3.2.22.2)
      activeresource (= 3.2.22.2)
      activesupport (= 3.2.22.2)
      bundler (~> 1.0)
      railties (= 3.2.22.2)
    railties (3.2.22.2)
      actionpack (= 3.2.22.2)
      activesupport (= 3.2.22.2)
      rack-ssl (~> 1.3.2)
      rake (>= 0.8.7)
      rdoc (~> 3.4)
      thor (>= 0.14.6, < 2.0)
    rake (10.3.2)
    rdoc (3.12.2)
      json (~> 1.4)
    redis (3.3.0)
    redis-namespace (1.5.2)
      redis (~> 3.0, >= 3.0.4)
    resque (1.25.2)
      mono_logger (~> 1.0)
      multi_json (~> 1.0)
      redis-namespace (~> 1.3)
      sinatra (>= 0.9.2)
      vegas (~> 0.1.2)
    rest-client (1.6.7)
      mime-types (>= 1.16)
    rmagick (2.15.4)
    sinatra (1.4.6)
      rack (~> 1.4)
      rack-protection (~> 1.4)
      tilt (>= 1.3, < 3)
    sprockets (2.2.3)
      hike (~> 1.2)
      multi_json (~> 1.0)
      rack (~> 1.0)
      tilt (~> 1.1, != 1.3.0)
    test-unit (3.2.0)
      power_assert
    thor (0.19.1)
    tilt (1.4.1)
    treetop (1.4.15)
      polyglot
      polyglot (>= 0.3.1)
    tzinfo (0.3.50)
    vegas (0.1.11)
      rack (>= 1.0.0)

PLATFORMS
  ruby

DEPENDENCIES
  bcrypt-ruby (= 3.0.1)
  bluecloth (= 2.2.0)
  carrierwave (= 0.8.0)
  dalli
  derailed_benchmarks
  exception_notification (= 3.0.1)
  fastercsv
  hes-authorization
  hes-fitbit (= 2.0.5)
  hes-jawbone (= 1.0.8)
  hes-resque-multi-job-forks
  htmlentities (= 4.3.0)
  i18n (= 0.6.11)
  json
  memcache-client
  mime-types (= 1.25.1)
  mysql2 (= 0.3.16)
  newrelic_rpm
  oj
  rack-cors
  rails (= 3.2.22.2)
  rake (= 10.3.2)
  redis
  resque (= 1.25.2)
  rest-client (= 1.6.7)
  rmagick (~> 2.13)
  test-unit (~> 3.0)

BUNDLED WITH
   1.12.5
